PATH
  remote: .
  specs:
    shipstation-ruby (0.0.2)
      rash (= 0.4.0)
      ruby_odata (= 0.1.6)

GEM
  remote: https://rubygems.org/
  specs:
    activesupport (4.0.5)
      i18n (~> 0.6, >= 0.6.9)
      minitest (~> 4.2)
      multi_json (~> 1.3)
      thread_safe (~> 0.1)
      tzinfo (~> 0.3.37)
    addressable (2.3.6)
    ansi (1.4.3)
    crack (0.4.2)
      safe_yaml (~> 1.0.0)
    hashie (2.0.5)
    i18n (0.6.9)
    mime-types (2.3)
    mini_portile (0.6.0)
    minitest (4.7.5)
    multi_json (1.10.1)
    nokogiri (1.6.2.1)
      mini_portile (= 0.6.0)
    rake (10.3.2)
    rash (0.4.0)
      hashie (~> 2.0.0)
    rest-client (1.6.7)
      mime-types (>= 1.16)
    ruby_odata (0.1.6)
      activesupport (>= 3.0.0)
      addressable (>= 2.3.4)
      i18n (~> 0.6.0)
      nokogiri (>= 1.4.2)
      rest-client (>= 1.5.1)
    safe_yaml (1.0.3)
    thread_safe (0.3.4)
    turn (0.9.7)
      ansi
      minitest (~> 4)
    tzinfo (0.3.39)
    vcr (2.9.2)
    webmock (1.18.0)
      addressable (>= 2.3.6)
      crack (>= 0.3.2)

PLATFORMS
  ruby

DEPENDENCIES
  bundler (= 1.3.5)
  minitest (~> 4.2)
  rake
  shipstation-ruby!
  turn
  vcr
  webmock
